GEM
  remote: https://www.rubygems.org/
  specs:
    elasticsearch (7.12.0)
      elasticsearch-api (= 7.12.0)
      elasticsearch-transport (= 7.12.0)
    elasticsearch-api (7.12.0)
      multi_json
    elasticsearch-transport (7.12.0)
      faraday (~> 1)
      multi_json
    faraday (1.4.1)
      faraday-excon (~> 1.1)
      faraday-net_http (~> 1.0)
      faraday-net_http_persistent (~> 1.1)
      multipart-post (>= 1.2, < 3)
      ruby2_keywords (>= 0.0.4)
    faraday-excon (1.1.0)
    faraday-net_http (1.0.1)
    faraday-net_http_persistent (1.1.0)
    multi_json (1.15.0)
    multipart-post (2.1.1)
    mustermann (1.1.1)
      ruby2_keywords (~> 0.0.1)
    nio4r (2.5.7)
    puma (5.3.1)
      nio4r (~> 2.0)
    rack (2.2.3)
    rack-protection (2.1.0)
      rack
    redis (4.2.5)
    ruby2_keywords (0.0.4)
    sinatra (2.1.0)
      mustermann (~> 1.0)
      rack (~> 2.2)
      rack-protection (= 2.1.0)
      tilt (~> 2.0)
    tilt (2.0.10)

PLATFORMS
  x86_64-darwin-19
  x86_64-darwin-20
  x86_64-linux

DEPENDENCIES
  elasticsearch
  puma
  redis
  sinatra

BUNDLED WITH
   2.2.15
